PATH
  remote: .
  specs:
    twitter-vine (0.0.1)
      nokogiri (>= 1.6.0)
      twitter (~> 5.1.1)

GEM
  remote: http://rubygems.org/
  specs:
    addressable (2.3.5)
    atomic (1.1.14)
    buftok (0.2.0)
    descendants_tracker (0.0.3)
    diff-lcs (1.2.5)
    equalizer (0.0.7)
    faraday (0.8.8)
      multipart-post (~> 1.2.0)
    http (0.5.0)
      http_parser.rb
    http_parser.rb (0.5.3)
    json (1.8.1)
    memoizable (0.2.0)
      thread_safe (~> 0.1.3)
    mini_portile (0.5.2)
    multipart-post (1.2.0)
    nokogiri (1.6.0)
      mini_portile (~> 0.5.0)
    rspec (2.14.1)
      rspec-core (~> 2.14.0)
      rspec-expectations (~> 2.14.0)
      rspec-mocks (~> 2.14.0)
    rspec-core (2.14.7)
    rspec-expectations (2.14.4)
      diff-lcs (>= 1.1.3, < 2.0)
    rspec-mocks (2.14.4)
    simple_oauth (0.2.0)
    thread_safe (0.1.3)
      atomic
    twitter (5.1.1)
      addressable (~> 2.3)
      buftok (~> 0.2.0)
      descendants_tracker (~> 0.0.1)
      equalizer (~> 0.0.7)
      faraday (>= 0.8, < 0.10)
      http (~> 0.5.0)
      http_parser.rb (~> 0.5.0)
      json (~> 1.8)
      memoizable (~> 0.2.0)
      simple_oauth (~> 0.2.0)

PLATFORMS
  ruby

DEPENDENCIES
  rspec (>= 2.14.1)
  twitter-vine!
